GEM
  remote: http://rubygems.org/
  specs:
    CFPropertyList (2.0.17)
      libxml-ruby (>= 1.1.0)
      rake (>= 0.7.0)
    actionmailer (2.3.5)
      actionpack (= 2.3.5)
    actionpack (2.3.5)
      activesupport (= 2.3.5)
      rack (~> 1.0.0)
    activerecord (2.3.5)
      activesupport (= 2.3.5)
    activeresource (2.3.5)
      activesupport (= 2.3.5)
    activesupport (2.3.5)
    bcms_news (1.0.0)
    capistrano (2.11.2)
      highline
      net-scp (>= 1.0.0)
      net-sftp (>= 2.0.0)
      net-ssh (>= 2.0.14)
      net-ssh-gateway (>= 1.1.0)
    daemon_controller (0.2.6)
    eventmachine (0.12.10)
    fastthread (1.0.7)
    highline (1.6.11)
    libxml-ruby (2.2.2)
    mysql (2.8.1)
    net-scp (1.0.4)
      net-ssh (>= 1.99.1)
    net-sftp (2.0.5)
      net-ssh (>= 2.0.9)
    net-ssh (2.3.0)
    net-ssh-gateway (1.1.0)
      net-ssh (>= 1.99.1)
    passenger (3.0.7)
      daemon_controller (>= 0.2.5)
      fastthread (>= 1.0.1)
      rack
      rake (>= 0.8.1)
    rack (1.0.1)
    rails (2.3.5)
      actionmailer (= 2.3.5)
      actionpack (= 2.3.5)
      activerecord (= 2.3.5)
      activeresource (= 2.3.5)
      activesupport (= 2.3.5)
      rake (>= 0.8.3)
    rake (0.9.1)

PLATFORMS
  ruby

DEPENDENCIES
  CFPropertyList (= 2.0.17)
  actionmailer (= 2.3.5)
  actionpack (= 2.3.5)
  activerecord (= 2.3.5)
  activeresource (= 2.3.5)
  activesupport (= 2.3.5)
  bcms_news (= 1.0.0)
  capistrano
  daemon_controller (= 0.2.6)
  eventmachine (= 0.12.10)
  fastthread (= 1.0.7)
  libxml-ruby (= 2.2.2)
  mysql (= 2.8.1)
  passenger (= 3.0.7)
  rack (= 1.0.1)
  rails (= 2.3.5)
  rake (= 0.9.1)
